GEM
  remote: https://rubygems.org/
  specs:
    byebug (4.0.5)
      columnize (= 0.9.0)
    columnize (0.9.0)

PLATFORMS
  ruby

DEPENDENCIES
  byebug
